GIT
  remote: http://gitlab.patrick-helm.de/Ruby/that_language-service.git
  revision: 14b371819fe5555d70785c5930d933822d17dff5
  ref: 14b371819fe5555d70785c5930d933822d17dff5
  specs:
    that_language-service (0.1.0.pre)
      sinatra (~> 1.4.6)
      that_language (~> 0.1.0.pre)
      thin (~> 1.6.4)

GEM
  remote: https://rubygems.org/
  specs:
    daemons (1.2.3)
    eventmachine (1.0.8)
    rack (1.6.4)
    rack-protection (1.5.3)
      rack
    sinatra (1.4.6)
      rack (~> 1.4)
      rack-protection (~> 1.4)
      tilt (>= 1.3, < 3)
    that_language (0.1.0.pre)
    thin (1.6.4)
      daemons (~> 1.0, >= 1.0.9)
      eventmachine (~> 1.0, >= 1.0.4)
      rack (~> 1.0)
    tilt (2.0.1)

PLATFORMS
  ruby

DEPENDENCIES
  that_language-service!

BUNDLED WITH
   1.10.6
